GEM
  remote: https://rubygems.org/
  specs:
    concord-ruby (0.1.2)
      thrift (= 0.9.2.0)
    thrift (0.9.2.0)

PLATFORMS
  ruby

DEPENDENCIES
  concord-ruby (~> 0.1.2)

BUNDLED WITH
   1.10.5
